GEM
  remote: https://rubygems.org/
  specs:
    concurrent-ruby (1.0.2)
    ebnf (1.0.1)
      rdf (~> 2.0)
      sxp (~> 1.0)
    erubis (2.7.0)
    filesize (0.1.1)
    hamster (3.0.0)
      concurrent-ruby (~> 1.0)
    json (2.0.2)
    json-ld (2.1.0)
      multi_json (~> 1.11)
      rdf (~> 2.1)
    link_header (0.0.8)
    mini_portile2 (2.1.0)
    multi_json (1.12.1)
    nokogiri (1.6.8)
      mini_portile2 (~> 2.1.0)
      pkg-config (~> 1.1.7)
    pkg-config (1.1.7)
    rake (11.2.2)
    rdf (2.1.0)
      hamster (~> 3.0)
      link_header (~> 0.0, >= 0.0.8)
    rdf-turtle (2.0.0)
      ebnf (~> 1.0, >= 1.0.1)
      rdf (~> 2.0)
    semverly (1.0.0)
    sxp (1.0.0)
      rdf (~> 2.0)
    tilt (2.0.5)
    webrick (1.3.1)

PLATFORMS
  ruby

DEPENDENCIES
  erubis
  filesize
  json
  json-ld (~> 2.1.0)
  nokogiri
  rake
  rdf
  rdf-turtle
  semverly
  tilt
  webrick

BUNDLED WITH
   1.12.5
