GEM
  remote: https://rubygems.org/
  specs:
    erubis (2.7.0)
    json (2.0.2)
    rake (11.2.2)
    semverly (1.0.0)
    tilt (2.0.5)
    webrick (1.3.1)

PLATFORMS
  ruby

DEPENDENCIES
  erubis
  json
  rake
  semverly
  tilt
  webrick

BUNDLED WITH
   1.11.2
