GEM
  remote: https://rubygems.org/
  specs:
    erubis (2.7.0)
    filesize (0.1.1)
    json (2.0.2)
    mini_portile2 (2.1.0)
    nokogiri (1.6.8)
      mini_portile2 (~> 2.1.0)
      pkg-config (~> 1.1.7)
    pkg-config (1.1.7)
    rake (11.2.2)
    semverly (1.0.0)
    tilt (2.0.5)
    webrick (1.3.1)

PLATFORMS
  ruby

DEPENDENCIES
  erubis
  filesize
  json
  nokogiri
  rake
  semverly
  tilt
  webrick

BUNDLED WITH
   1.11.2
