GEM
  remote: https://rubygems.org/
  specs:
    addressable (2.4.0)
    buftok (0.2.0)
    concurrent-ruby (1.0.2)
    descendants_tracker (0.0.4)
      thread_safe (~> 0.3, >= 0.3.1)
    ebnf (1.0.1)
      rdf (~> 2.0)
      sxp (~> 1.0)
    equalizer (0.0.11)
    erubis (2.7.0)
    faraday (0.8.11)
      multipart-post (~> 1.2.0)
    filesize (0.1.1)
    hamster (3.0.0)
      concurrent-ruby (~> 1.0)
    http (0.5.1)
      http_parser.rb
    http_parser.rb (0.6.0)
    json (1.8.3)
    json-ld (2.1.0)
      multi_json (~> 1.11)
      rdf (~> 2.1)
    link_header (0.0.8)
    memoizable (0.4.2)
      thread_safe (~> 0.3, >= 0.3.1)
    mini_portile2 (2.1.0)
    multi_json (1.12.1)
    multipart-post (1.2.0)
    nokogiri (1.6.8.1)
      mini_portile2 (~> 2.1.0)
    rake (11.3.0)
    rdf (2.1.0)
      hamster (~> 3.0)
      link_header (~> 0.0, >= 0.0.8)
    rdf-turtle (2.0.0)
      ebnf (~> 1.0, >= 1.0.1)
      rdf (~> 2.0)
    semverly (1.0.0)
    simple_oauth (0.2.0)
    sxp (1.0.0)
      rdf (~> 2.0)
    thread_safe (0.3.5)
    tilt (2.0.5)
    twitter (5.5.1)
      addressable (~> 2.3)
      buftok (~> 0.2.0)
      descendants_tracker (~> 0.0.3)
      equalizer (~> 0.0.9)
      faraday (>= 0.8, < 0.10)
      http (~> 0.5.0)
      http_parser.rb (~> 0.6.0)
      json (~> 1.8)
      memoizable (~> 0.4.0)
      simple_oauth (~> 0.2.0)
    webrick (1.3.1)

PLATFORMS
  ruby

DEPENDENCIES
  addressable
  erubis
  faraday (~> 0.8.11)
  filesize
  json
  json-ld (~> 2.1.0)
  nokogiri
  rake
  rdf
  rdf-turtle
  semverly
  tilt
  twitter
  webrick

BUNDLED WITH
   1.12.5
